NUGET
  remote: https://nuget.org/api/v2
  specs:
    FAKE (3.7.1)
    FSharp.Compiler.Service (0.0.65)
    FSharp.Formatting (2.4.33)
      FSharp.Compiler.Service (>= 0.0.62)
      Microsoft.AspNet.Razor (2.0.30506.0)
      RazorEngine (3.3.0)
    Microsoft.AspNet.Razor (2.0.30506.0)
    RazorEngine (3.3.0)
      Microsoft.AspNet.Razor (>= 2.0.30506.0)
