NUGET
  remote: https://nuget.org/api/v2
  specs:
    FAKE (3.7.2)
    FSharp.Compiler.Service (0.0.67)
    FSharp.Formatting (2.4.34)
      FSharp.Compiler.Service (0.0.67)
      Microsoft.AspNet.Razor (2.0.30506.0)
      RazorEngine (3.3.0)
    Microsoft.AspNet.Razor (2.0.30506.0)
    RazorEngine (3.3.0)
      Microsoft.AspNet.Razor (>= 2.0.30506.0)
